NUGET
  remote: https://nuget.org/api/v2
  specs:
    FAKE (4.7.2)
    FSharp.Compiler.Service (1.4.0.6)
    FSharp.Core (4.0.0.1)
    FSharp.Formatting (2.12.0)
      FSharp.Compiler.Service (1.4.0.6)
      FSharpVSPowerTools.Core (2.1.0)
    FSharpVSPowerTools.Core (2.1.0)
      FSharp.Compiler.Service (>= 1.4.0.6)
    FsReveal (1.0.3)
      FSharp.Formatting (>= 2.7.5)
    Suave (0.32.1)
      FSharp.Core (>= 3.1.2.5)
